{
    "Manufacturer": "Philips",
    "ManufacturerModelName": "Achieva",
    "MagneticFieldStrength": 3.0,
    "PulseSequenceType": "Gradient Echo EPI",
    "EchoTime": 0.025,
    "FlipAngle": 90,
    "SliceEncodingDirection": "SI",
    "SliceThickness": 3.0,
    "FatSaturation": true,
    "AcquisitionMatrixSE": 40,
    "ReconMatrixSE": 40,
    "RepetitionTimeExcitation": 2.0,
    "ReconMatrixPE": 80,
    "ReconMatrixFE": 80,
    "AcquisitionMatrixFE": 80,
    "AcquisitionMatrixPE": 77,
    "SpacingBetweenSlices": 0.299999952,
    "FreqEncodingDirection": "AP",
    "PhaseEncodingDirection": "RL",
    "ParallelAcquisitionTechnique": "SENSE",
    "ParallelReductionFactorInPlane": 2.5,
    "MRAcquisitionType": "2D",
    "PixelBandwidth": 39.5,
    "DwellTime": 0.02531645569620253,
    "WaterFatShift": 11,
    "BandwidthPerPixelPhaseEncode": 1589.9,
    "EffectiveEchoSpacing": 0.0003106077448270799,
    "TotalReadoutTime": 0.024538011841339313
}