{
    "Manufacturer": "Philips",
    "ManufacturerModelName": "Achieva",
    "MagneticFieldStrength": 3.0,
    "PulseSequenceType": "Fast Spoiled Gradient Echo",
    "FlipAngle": 8,
    "ParallelReductionFactorInPlane": 2.29999995,
    "ParallelAcquisitionTechnique": "SENSE",
    "SliceEncodingDirection": "SI",
    "SliceThickness": 0.9,
    "FatSaturation": false,
    "AcquisitionMatrixSE": 180,
    "ReconMatrixSE": 180,
    "RepetitionTimePreparation": 0.00839999962,
    "InversionTime": 1.1500000000000001,
    "PixelBandwidth": 188.3,
    "DwellTime": 0.005310674455655868,
    "MRAcquisitionType": "3D",
    "ReconMatrixPE": 256,
    "ReconMatrixFE": 256,
    "AcquisitionMatrixFE": 256,
    "AcquisitionMatrixPE": 256,
    "FreqEncodingDirection": "RL",
    "PhaseEncodingDirection": "AP",
    "ParallelReductionFactorOutOfPlane": 1,
    "EchoTime": 0.0039,
    "WaterFatShift": 2.29999995
}