{
    "Manufacturer": "GE MEDICAL SYSTEMS",
    "ManufacturerModelName": "MR750",
    "MagneticFieldStrength": 3.0,
    "PulseSequenceType": "Gradient Echo EPI",
    "EchoTime": 0.03,
    "FlipAngle": 85.0,
    "SliceEncodingDirection": "A",
    "SliceThickness": 4.0,
    "AcquisitionMatrixSE": 37,
    "ReconMatrixSE": 37,
    "RepetitionTimeExcitation": 2.0,
    "ManufacturersModelName": "DISCOVERY MR750",
    "DeviceSerialNumber": "000000000RTD0125",
    "StationName": "MR750K10",
    "SoftwareVersions": "21\\LX\\MR Software release:20.1_IB2_1020.a",
    "ReceiveCoilName": "8HRBRAIN",
    "InstitutionName": "EMC",
    "ScanningSequence": "EP\\GR",
    "SequenceVariant": "SS",
    "ScanOptions": "MP_GEMS\\EPI_GEMS",
    "MRAcquisitionType": "2D",
    "ParallelReductionFactorInPlane": 1.0,
    "ParallelReductionFactorOutOfPlane": 1.0,
    "InversionTime": 0.0,
    "PatientPosition": "-101.249\\-145.186\\78.6314",
    "ProcedureStepDescription": "GEN R",
    "SeriesDescription": "RestingState - 250 Volumes-37slices-2sec",
    "ProtocolName": "GenerationR-4Nov2009",
    "ImageType": "ORIGINAL\\PRIMARY\\OTHER",
    "AcquisitionTime": "173710.000000",
    "AcquisitionNumber": 1,
    "VariableFlipAngleFlag": true,
    "ImageOrientationPatientDICOM": "1\\-0\\0\\-0\\1\\0",
    "ImagingFrequency": "127.705394",
    "InPlanePhaseEncodingDirectionDICOM": "COL",
    "NumberOfAverages": 1,
    "PercentPhaseFOV": 100.0,
    "PercentSampling": 100.0,
    "PixelBandwidth": 7812.5,
    "AcquisitionMatrixFE": 64,
    "AcquisitionMatrixPE": 64,
    "ReconMatrixFE": 64,
    "ReconMatrixPE": 64,
    "EffectiveEchoSpacing": 0.00052,
    "TotalReadoutTime": 0.03276
}