{
    "Manufacturer": "GE MEDICAL SYSTEMS",
    "ManufacturerModelName": "MR750",
    "MagneticFieldStrength": 3.0,
    "PulseSequenceType": "IR-FSPGR",
    "EchoTime": 0.004236,
    "FlipAngle": 16.0,
    "ParallelReductionFactorInPlane": 2.0,
    "ParallelAcquisitionTechnique": "ASSET",
    "SliceEncodingDirection": "A",
    "SliceThickness": 0.9,
    "FatSaturation": false,
    "AcquisitionMatrixSE": 186,
    "ReconMatrixSE": 186,
    "RepetitionTimePreparation": 0.01027,
    "InversionTime": 0.35000000000000003,
    "PixelBandwidth": 81.3672,
    "DwellTime": 0.00018753000480076814,
    "MRAcquisitionType": "3D",
    "ManufacturersModelName": "DISCOVERY MR750",
    "DeviceSerialNumber": "000000000RTD0125",
    "StationName": "MR750K10",
    "SoftwareVersions": "21\\LX\\MR Software release:20.1_IB2_1020.a",
    "ReceiveCoilName": "8HRBRAIN",
    "InstitutionName": "EMC",
    "ScanningSequence": "GR",
    "SequenceVariant": "SS\\SP\\SK",
    "ScanOptions": "FAST_GEMS\\ACC_GEMS",
    "ParallelReductionFactorOutOfPlane": 1.0,
    "RepetitionTimeExcitation": 0.01026,
    "PatientPosition": "83.962\\-124.462\\125.937",
    "ProcedureStepDescription": "GEN R",
    "SeriesDescription": "IR-FSPGR TI350 FL16 BW18 5min40 0.9x0.9x0.9-Asset",
    "ProtocolName": "GenerationR-4Nov2009",
    "ImageType": "ORIGINAL\\PRIMARY\\OTHER",
    "AcquisitionTime": "171431.000000",
    "AcquisitionNumber": 1,
    "VariableFlipAngleFlag": true,
    "ImageOrientationPatientDICOM": "0.0890827\\0.996023\\-0.00146486\\-0.0114139\\-0.0004577",
    "ImagingFrequency": "127.705356",
    "InPlanePhaseEncodingDirectionDICOM": "ROW",
    "NumberOfAverages": 1,
    "PercentPhaseFOV": 100.0,
    "PercentSampling": 100.0,
    "AcquisitionMatrixFE": 256,
    "AcquisitionMatrixPE": 256,
    "ReconMatrixFE": 512,
    "ReconMatrixPE": 512,
    "EffectiveEchoSpacing": 0.0,
    "TotalReadoutTime": 0.0
}