{
    "Manufacturer": "Siemens",
    "ManufacturerModelName": "TrioTim",
    "MagneticFieldStrength": 3,
    "PulseSequenceType": "MPRAGE",
    "EchoTime": 0.00302,
    "FlipAngle": 8.0,
    "ParallelReductionFactorInPlane": 2.0,
    "ParallelAcquisitionTechnique": "GRAPPA",
    "PartialFourier": 0.75,
    "PhaseEncodingDirection": "AP",
    "SliceEncodingDirection": "S",
    "SliceTiming": "Sequential Ascending",
    "RepetitionTimePreparation": 2.6,
    "InversionTime": 0.9,
    "DwellTime": 3.0048076923076925e-05,
    "MRAcquisitionType": "3D"
}