{
    "Manufacturer":  "Siemens",
    "ManufacturerModelName": "Verio",
    "SoftwareVersions": "syngo MR B17",
    "MagneticFieldStrength": 3,
    "PulseSequenceType": "MPRAGE",
    "SequenceName": "tfl",
    "EchoTime": 2.48E-3,
    "RepetitionTimePreparation": 1.87,
    "RepetitionTimeExcitation": 7.4E-3,
    "InversionTime": 1.1,
    "FlipAngle": 8,
    "MRAcquisitionType": "3D",
    "ParallelReductionFactorInPlane": 2,
    "ParallelReductionFactorOutOfPlane": 1,
    "ParallelAcquisitionTechnique": "GRAPPA",
    "CoilCombinationMethod": "Adaptive Combine"
  }
