{
    "Manufacturer": "Philips",
    "ManufacturerModelName": "Ingenia",
    "MagneticFieldStrength": 3.0,
    "PulseSequenceType": "Gradient Echo EPI",
    "EchoTime": 0.025,
    "FlipAngle": 80,
    "ParallelReductionFactorInPlane": 2,
    "ParallelAcquisitionTechnique": "SENSE",
    "SliceEncodingDirection": "SI",
    "SliceThickness": 4.0,
    "FatSaturation": false,
    "AcquisitionMatrixSE": 50,
    "ReconMatrixSE": 50,
    "RepetitionTimeExcitation": 3.0,
    "BandwidthPerPixelPhaseEncode": 3280.0,
    "EffectiveEchoSpacing": 0.00022328528524023913,
    "ReconMatrixPE": 64,
    "ReconMatrixFE": 64,
    "AcquisitionMatrixFE": 64,
    "AcquisitionMatrixPE": 62,
    "SpacingBetweenSlices": 0,
    "FreqEncodingDirection": "AP",
    "PhaseEncodingDirection": "RL",
    "MRAcquisitionType": "2D",
    "PixelBandwidth": 68.9,
    "DwellTime": 0.014513788098693758,
    "WaterFatShift": 6.306,
    "TotalReadoutTime": 0.014066972970135065
}