{
    "Manufacturer": "Philips",
    "MagneticFieldStrength": 3.0,
    "ReconMatrixPE": 256,
    "ReconMatrixFE": 256,
    "ReconMatrixSE": 326,
    "AcquisitionMatrixSE": 326,
    "AcquisitionMatrixFE": 240,
    "AcquisitionMatrixPE": 240,
    "FreqEncodingDirection": "AP",
    "SliceEncodingDirection": "RL",
    "PhaseEncodingDirection": "SI",
    "ParallelAcquisitionTechnique": "SENSE",
    "ParallelReductionFactorInPlane": 3,
    "ParallelReductionFactorOutOfPlane": 2,
    "MRAcquisitionType": "3D",
    "PulseSequenceType": "FLAIR",
    "EchoTime": 0.28300000000000003,
    "PixelBandwidth": 1370.6,
    "FatSaturation": true,
    "RepetitionTimePreparation": 4.8,
    "WaterFatShift": 0.317,
    "DwellTime": 0.0006840070042317234
}