{
    "Manufacturer": "Siemens",
    "ManufacturerModelName": "TriTim",
    "MagneticFieldStrength": 3.0,
    "PulseSequenceType": "MPRAGE",
    "EchoTime": 0.00286,
    "FlipAngle": 9.0,
    "SliceEncodingDirection": "A",
    "SliceThickness": 1.2,
    "FatSaturation": false,
    "AcquisitionMatrixSE": 160,
    "ReconMatrixSE": 160,
    "RepetitionTimePreparation": 2.3000000000000003,
    "InversionTime": 0.853,
    "PixelBandwidth": "240",
    "DwellTime": 1.6276041666666666e-05,
    "MRAcquisitionType": "3D"
}