{
    "Manufacturer": "Siemens",
    "ManufacturerModelName": "TrioTim",
    "MagneticFieldStrength": 3,
    "PulseSequenceType": "MEMPR",
    "FlipAngle": 7.0,
    "ParallelReductionFactorInPlane": 2.0,
    "ParallelAcquisitionTechnique": "GRAPPA",
    "PhaseEncodingDirection": "AP",
    "SliceEncodingDirection": "S",
    "SliceTiming": "Interleaved Ascending",
    "RepetitionTimePreparation": 2.5300000000000002,
    "InversionTime": 1.2,
    "DwellTime": 6.000384024577573e-06,
    "MRAcquisitionType": "3D"
}