{
    "Manufacturer": "Siemens",
    "ManufacturerModelName": "Verio",
    "MagneticFieldStrength": 3,
    "PulseSequenceType": "MPRAGE",
    "EchoTime": 0.0030600000000000002,
    "FlipAngle": 9.0,
    "ParallelReductionFactorInPlane": 2.0,
    "ParallelAcquisitionTechnique": "GRAPPA",
    "PartialFourier": 0.875,
    "PhaseEncodingDirection": "AP",
    "SliceEncodingDirection": "S",
    "SliceTiming": "Interleaved Ascending",
    "RepetitionTimePreparation": 2.4,
    "InversionTime": 0.9,
    "DwellTime": 1.6983695652173913e-05,
    "MRAcquisitionType": "3D"
}