{
    "Manufacturer": "Philips",
    "ManufacturerModelName": "Ingenia",
    "MagneticFieldStrength": 3.0,
    "PulseSequenceType": "Fast Spoiled Gradient Echo",
    "FlipAngle": 9,
    "ParallelReductionFactorInPlane": 1,
    "ParallelAcquisitionTechnique": "SENSE",
    "SliceEncodingDirection": "RL",
    "SliceThickness": 1.2,
    "SliceTiming": "Sequential",
    "FatSaturation": false,
    "AcquisitionMatrixSE": 170,
    "ReconMatrixSE": 170,
    "InversionTime": 0.9,
    "PixelBandwidth": 240.5,
    "DwellTime": 0.003963097713097713,
    "MRAcquisitionType": "3D",
    "ReconMatrixPE": 256,
    "ReconMatrixFE": 256,
    "AcquisitionMatrixFE": 244,
    "AcquisitionMatrixPE": 227,
    "FreqEncodingDirection": "AP",
    "PhaseEncodingDirection": "SI",
    "ParallelReductionFactorOutOfPlane": 1.79999995,
    "EchoTime": 0.0031000000000000003,
    "WaterFatShift": 1.79999995,
    "RepetitionTimePreparation": 0.0067
}